PATH
  remote: .
  specs:
    emailyak (0.0.2)
      json_pure
      rest-client

GEM
  remote: http://rubygems.org/
  specs:
    json_pure (1.7.5)
    mime-types (1.19)
    rest-client (1.6.7)
      mime-types (>= 1.16)

PLATFORMS
  ruby

DEPENDENCIES
  emailyak!
